GIT
  remote: git://github.com/NYULibraries/nyulibraries-assets.git
  revision: de54db2a5170f0bdc8ea4998dd156a6383a195cf
  branch: master
  specs:
    nyulibraries-assets (3.0.0)
      bootstrap-sass (= 2.3.2.2)
      compass (= 0.12.5)
      institutions (~> 0.1.1)

GIT
  remote: git://github.com/NYULibraries/nyulibraries-deploy.git
  revision: 4a95367073b1fc0a0aaad3e065c918ee0974aab1
  branch: development-fig
  specs:
    nyulibraries-deploy (3.2.5)
      cap_git_tools (~> 0.9.1)
      capistrano (~> 2.15.5)
      figs (~> 2.0)
      git (~> 1.2.5)
      mail (~> 2.5.4)
      newrelic_rpm (~> 3.6)
      rake (~> 10.1.0)
      require_all (~> 1.3.0)
      rvm-capistrano (~> 1.5.0)

GIT
  remote: git://github.com/josh/mustache-rails.git
  revision: d219b298ddc94ca0c4b749125a803f74157ddd03
  specs:
    mustache-rails (0.2.3)
      actionpack (>= 3.1)
      mustache (~> 0.99.4)

GEM
  remote: https://rubygems.org/
  specs:
    actionmailer (4.0.4)
      actionpack (= 4.0.4)
      mail (~> 2.5.4)
    actionpack (4.0.4)
      activesupport (= 4.0.4)
      builder (~> 3.1.0)
      erubis (~> 2.7.0)
      rack (~> 1.5.2)
      rack-test (~> 0.6.2)
    activemodel (4.0.4)
      activesupport (= 4.0.4)
      builder (~> 3.1.0)
    activerecord (4.0.4)
      activemodel (= 4.0.4)
      activerecord-deprecated_finders (~> 1.0.2)
      activesupport (= 4.0.4)
      arel (~> 4.0.0)
    activerecord-deprecated_finders (1.0.3)
    activesupport (4.0.4)
      i18n (~> 0.6, >= 0.6.9)
      minitest (~> 4.2)
      multi_json (~> 1.3)
      thread_safe (~> 0.1)
      tzinfo (~> 0.3.37)
    arel (4.0.2)
    bcrypt (3.1.7)
    better_errors (1.1.0)
      coderay (>= 1.0.0)
      erubis (>= 2.6.6)
    binding_of_caller (0.7.2)
      debug_inspector (>= 0.0.1)
    bootstrap-sass (2.3.2.2)
      sass (~> 3.2)
    builder (3.1.4)
    cap_git_tools (0.9.1)
      capistrano (~> 2.0)
    capistrano (2.15.5)
      highline
      net-scp (>= 1.0.0)
      net-sftp (>= 2.0.0)
      net-ssh (>= 2.0.14)
      net-ssh-gateway (>= 1.1.0)
    capybara (2.2.1)
      mime-types (>= 1.16)
      nokogiri (>= 1.3.3)
      rack (>= 1.0.0)
      rack-test (>= 0.5.4)
      xpath (~> 2.0)
    childprocess (0.5.2)
      ffi (~> 1.0, >= 1.0.11)
    chunky_png (1.3.0)
    coderay (1.1.0)
    coffee-rails (4.0.1)
      coffee-script (>= 2.2.0)
      railties (>= 4.0.0, < 5.0)
    coffee-script (2.2.0)
      coffee-script-source
      execjs
    coffee-script-source (1.7.0)
    columnize (0.3.6)
    compass (0.12.5)
      chunky_png (~> 1.2)
      fssm (>= 0.2.7)
      sass (~> 3.2.19)
    compass-rails (1.1.7)
      compass (>= 0.12.2)
      sprockets (<= 2.11.0)
    coveralls (0.7.0)
      multi_json (~> 1.3)
      rest-client
      simplecov (>= 0.7)
      term-ansicolor
      thor
    cucumber (1.3.14)
      builder (>= 2.1.2)
      diff-lcs (>= 1.1.3)
      gherkin (~> 2.12)
      multi_json (>= 1.7.5, < 2.0)
      multi_test (>= 0.1.1)
    cucumber-rails (1.4.0)
      capybara (>= 1.1.2)
      cucumber (>= 1.2.0)
      nokogiri (>= 1.5.0)
      rails (>= 3.0.0)
    database_cleaner (1.2.0)
    debug_inspector (0.0.2)
    debugger (1.6.6)
      columnize (>= 0.3.1)
      debugger-linecache (~> 1.2.0)
      debugger-ruby_core_source (~> 1.3.2)
    debugger-linecache (1.2.0)
    debugger-ruby_core_source (1.3.2)
    devise (3.2.4)
      bcrypt (~> 3.0)
      orm_adapter (~> 0.1)
      railties (>= 3.2.6, < 5)
      thread_safe (~> 0.1)
      warden (~> 1.2.3)
    diff-lcs (1.2.5)
    docile (1.1.3)
    doorkeeper (1.0.0)
      railties (>= 3.1)
    erubis (2.7.0)
    execjs (2.0.2)
    factory_girl (4.4.0)
      activesupport (>= 3.0.0)
    factory_girl_rails (4.4.1)
      factory_girl (~> 4.4.0)
      railties (>= 3.0.0)
    faraday (0.9.0)
      multipart-post (>= 1.2, < 3)
    ffi (1.9.3)
    figs (2.0.1)
      git (~> 1.2.6)
      rake (~> 10.1)
    fssm (0.2.10)
    gherkin (2.12.2)
      multi_json (~> 1.3)
    git (1.2.6)
    hashie (2.1.1)
    highline (1.6.21)
    hike (1.2.3)
    i18n (0.6.9)
    institutions (0.1.3)
      ipaddr_range_set (~> 0.10.0)
      require_all (~> 1.3.1)
    ipaddr_range_set (0.10.0)
    jquery-rails (3.1.0)
      railties (>= 3.0, < 5.0)
      thor (>= 0.14, < 2.0)
    json (1.8.1)
    jwt (0.1.11)
      multi_json (>= 1.5)
    libv8 (3.16.14.3)
    mail (2.5.4)
      mime-types (~> 1.16)
      treetop (~> 1.4.8)
    method_source (0.8.2)
    mime-types (1.25.1)
    mini_portile (0.5.3)
    minitest (4.7.5)
    modernizr-rails (2.7.1)
    multi_json (1.9.2)
    multi_test (0.1.1)
    multi_xml (0.5.5)
    multipart-post (2.0.0)
    mustache (0.99.4)
    net-ldap (0.3.1)
    net-scp (1.2.0)
      net-ssh (>= 2.6.5)
    net-sftp (2.1.2)
      net-ssh (>= 2.6.5)
    net-ssh (2.8.0)
    net-ssh-gateway (1.2.0)
      net-ssh (>= 2.6.5)
    newrelic_rpm (3.7.3.204)
    nokogiri (1.6.1)
      mini_portile (~> 0.5.0)
    oauth (0.4.7)
    oauth2 (0.9.3)
      faraday (>= 0.8, < 0.10)
      jwt (~> 0.1.8)
      multi_json (~> 1.3)
      multi_xml (~> 0.5)
      rack (~> 1.2)
    omniauth (1.2.1)
      hashie (>= 1.2, < 3)
      rack (~> 1.0)
    omniauth-aleph (0.1.2)
      faraday (~> 0.9.0)
      multi_xml (~> 0.5.0)
      omniauth (~> 1.2.0)
    omniauth-facebook (1.6.0)
      omniauth-oauth2 (~> 1.1)
    omniauth-github (1.1.2)
      omniauth (~> 1.0)
      omniauth-oauth2 (~> 1.1)
    omniauth-ldap (1.0.4)
      net-ldap (~> 0.3.1)
      omniauth (~> 1.0)
      pyu-ruby-sasl (~> 0.0.3.1)
      rubyntlm (~> 0.1.1)
    omniauth-oauth (1.0.1)
      oauth
      omniauth (~> 1.0)
    omniauth-oauth2 (1.1.2)
      faraday (>= 0.8, < 0.10)
      multi_json (~> 1.3)
      oauth2 (~> 0.9.3)
      omniauth (~> 1.2)
    omniauth-shibboleth (1.1.1)
      omniauth (>= 1.0.0)
    omniauth-shibboleth-passive (0.1.0)
      omniauth-shibboleth (~> 1.1.0)
    omniauth-twitter (1.0.1)
      multi_json (~> 1.3)
      omniauth-oauth (~> 1.0)
    orm_adapter (0.5.0)
    ox (2.1.1)
    pg (0.17.1)
    phantomjs (1.9.7.0)
    pickle (0.4.11)
      cucumber (>= 0.8)
      rake
    polyglot (0.3.4)
    pry (0.9.12.6)
      coderay (~> 1.0)
      method_source (~> 0.8)
      slop (~> 3.4)
    pry-debugger (0.2.2)
      debugger (~> 1.3)
      pry (~> 0.9.10)
    pyu-ruby-sasl (0.0.3.3)
    rack (1.5.2)
    rack-test (0.6.2)
      rack (>= 1.0)
    rails (4.0.4)
      actionmailer (= 4.0.4)
      actionpack (= 4.0.4)
      activerecord (= 4.0.4)
      activesupport (= 4.0.4)
      bundler (>= 1.3.0, < 2.0)
      railties (= 4.0.4)
      sprockets-rails (~> 2.0.0)
    railties (4.0.4)
      actionpack (= 4.0.4)
      activesupport (= 4.0.4)
      rake (>= 0.8.7)
      thor (>= 0.18.1, < 2.0)
    rake (10.1.1)
    rdoc (4.1.1)
      json (~> 1.4)
    ref (1.0.5)
    require_all (1.3.2)
    rest-client (1.6.7)
      mime-types (>= 1.16)
    rspec-core (2.14.8)
    rspec-expectations (2.14.5)
      diff-lcs (>= 1.1.3, < 2.0)
    rspec-mocks (2.14.6)
    rspec-rails (2.14.2)
      actionpack (>= 3.0)
      activemodel (>= 3.0)
      activesupport (>= 3.0)
      railties (>= 3.0)
      rspec-core (~> 2.14.0)
      rspec-expectations (~> 2.14.0)
      rspec-mocks (~> 2.14.0)
    rubyntlm (0.1.1)
    rubyzip (1.1.3)
    rvm-capistrano (1.5.1)
      capistrano (~> 2.15.4)
    sass (3.2.19)
    sass-rails (4.0.3)
      railties (>= 4.0.0, < 5.0)
      sass (~> 3.2.0)
      sprockets (~> 2.8, <= 2.11.0)
      sprockets-rails (~> 2.0)
    sdoc (0.4.0)
      json (~> 1.8)
      rdoc (~> 4.0, < 5.0)
    selenium-webdriver (2.41.0)
      childprocess (>= 0.5.0)
      multi_json (~> 1.0)
      rubyzip (~> 1.0)
      websocket (~> 1.0.4)
    simplecov (0.8.2)
      docile (~> 1.1.0)
      multi_json
      simplecov-html (~> 0.8.0)
    simplecov-html (0.8.0)
    slop (3.5.0)
    sprockets (2.11.0)
      hike (~> 1.2)
      multi_json (~> 1.0)
      rack (~> 1.0)
      tilt (~> 1.1, != 1.3.0)
    sprockets-rails (2.0.1)
      actionpack (>= 3.0)
      activesupport (>= 3.0)
      sprockets (~> 2.8)
    term-ansicolor (1.3.0)
      tins (~> 1.0)
    therubyracer (0.12.1)
      libv8 (~> 3.16.14.0)
      ref
    thor (0.19.1)
    thread_safe (0.3.3)
    tilt (1.4.1)
    tins (1.1.0)
    treetop (1.4.15)
      polyglot
      polyglot (>= 0.3.1)
    turbolinks (2.2.2)
      coffee-rails
    tzinfo (0.3.39)
    uglifier (2.5.0)
      execjs (>= 0.3.0)
      json (>= 1.8.0)
    warden (1.2.3)
      rack (>= 1.0)
    websocket (1.0.7)
    xpath (2.0.0)
      nokogiri (~> 1.3)

PLATFORMS
  ruby

DEPENDENCIES
  better_errors (~> 1.1.0)
  binding_of_caller (~> 0.7.0)
  coffee-rails (~> 4.0.0)
  compass-rails (~> 1.1.3)
  coveralls (~> 0.7.0)
  cucumber-rails (~> 1.4.0)
  database_cleaner (~> 1.2.0)
  devise (~> 3.2.0)
  doorkeeper (~> 1.0.0)
  factory_girl_rails (~> 4.4.0)
  figs (~> 2.0.0)
  institutions (~> 0.1.3)
  jquery-rails (~> 3.1.0)
  modernizr-rails (~> 2.7.0)
  mustache (= 0.99.4)
  mustache-rails!
  newrelic_rpm (~> 3.7.0)
  nyulibraries-assets!
  nyulibraries-deploy!
  omniauth (~> 1.2.0)
  omniauth-aleph (~> 0.1.0)
  omniauth-facebook (~> 1.6.0)
  omniauth-github (~> 1.1.1)
  omniauth-ldap (~> 1.0.4)
  omniauth-shibboleth (~> 1.1.1)
  omniauth-shibboleth-passive (~> 0.1.0)
  omniauth-twitter (~> 1.0.1)
  ox (~> 2.1.0)
  pg (~> 0.17.1)
  phantomjs (>= 1.9.0)
  pickle (~> 0.4.11)
  pry-debugger (~> 0.2.2)
  rails (~> 4.0.3)
  rspec-rails (~> 2.14.0)
  sass-rails (~> 4.0.0)
  sdoc
  selenium-webdriver (~> 2.41.0)
  therubyracer
  turbolinks (~> 2.2.0)
  uglifier (>= 1.3.0)
